GEM
  remote: http://rubygems.org/
  specs:
    RedCloth (4.2.3)
    gemcutter (0.6.1)
    git (1.2.5)
    jeweler (1.4.0)
      gemcutter (>= 0.1.0)
      git (>= 1.2.5)
      rubyforge (>= 2.0.0)
    json_pure (1.4.6)
    rack (1.1.0)
    radiant (0.9.1)
      RedCloth (>= 4.0.0)
      rack (~> 1.1.0)
      rake (>= 0.8.3)
      will_paginate (~> 2.3.11)
    rake (0.8.7)
    rr (1.0.2)
    rspec (1.3.1)
    rspec-rails (1.3.2)
      rack (>= 1.0.0)
      rspec (>= 1.3.0)
    rubyforge (2.0.4)
      json_pure (>= 1.1.7)
    will_paginate (2.3.15)

PLATFORMS
  ruby

DEPENDENCIES
  jeweler
  rack (= 1.1.0)
  radiant (= 0.9.1)
  rr (= 1.0.2)
  rspec (= 1.3.1)
  rspec-rails (= 1.3.2)
